GEM
  remote: http://rubygems.org/
  specs:
    Ascii85 (1.0.2)
    BlueCloth (1.0.1)
    ParseTree (3.0.9)
      RubyInline (~> 3.9.0)
      sexp_processor (~> 3.2.0)
    RubyInline (3.9.0)
      ZenTest (~> 4.3)
    ZenTest (4.9.0)
    addressable (2.2.8)
    afm (0.2.0)
    akami (1.2.0)
      gyoku (>= 0.4.0)
      nokogiri (>= 1.4.0)
    backports (3.1.0)
    bacon (1.2.0)
    bitly (0.8.1)
      crack (>= 0.1.4)
      httparty (>= 0.7.6)
      oauth2 (>= 0.5.0, < 0.9)
    blankslate (2.1.2.4)
    builder (3.2.0)
    cinch (2.0.4)
    crack (0.3.2)
    daemons (1.0.10)
    data_objects (0.10.12)
      addressable (~> 2.1)
    dm-constraints (1.2.0)
      dm-core (~> 1.2.0)
    dm-core (1.2.0)
      addressable (~> 2.2.6)
    dm-do-adapter (1.2.0)
      data_objects (~> 0.10.6)
      dm-core (~> 1.2.0)
    dm-is-remixable (1.2.0)
      dm-core (~> 1.2.0)
    dm-migrations (1.2.0)
      dm-core (~> 1.2.0)
    dm-postgres-adapter (1.2.0)
      dm-do-adapter (~> 1.2.0)
      do_postgres (~> 0.10.6)
    dm-sqlite-adapter (1.2.0)
      dm-do-adapter (~> 1.2.0)
      do_sqlite3 (~> 0.10.6)
    dm-sweatshop (1.2.0)
      ParseTree (~> 3.0.7)
      dm-core (~> 1.2.0)
      randexp (~> 0.1.5)
    dm-transactions (1.2.0)
      dm-core (~> 1.2.0)
    do_postgres (0.10.12)
      data_objects (= 0.10.12)
    do_sqlite3 (0.10.12)
      data_objects (= 0.10.12)
    domain_name (0.5.7)
      unf (~> 0.0.3)
    eventmachine (1.0.1)
    faraday (0.8.6)
      multipart-post (~> 1.1)
    gem_plugin (0.2.3)
    gyoku (1.0.0)
      builder (>= 2.1.2)
    hashery (2.1.0)
    hike (1.2.1)
    httparty (0.10.2)
      multi_json (~> 1.0)
      multi_xml (>= 0.5.2)
    httpauth (0.2.0)
    httpi (2.0.2)
      rack
    json (1.7.7)
    jwt (0.1.7)
      multi_json (>= 1.5)
    mechanize (2.5.1)
      domain_name (~> 0.5, >= 0.5.1)
      mime-types (~> 1.17, >= 1.17.2)
      net-http-digest_auth (~> 1.1, >= 1.1.1)
      net-http-persistent (~> 2.5, >= 2.5.2)
      nokogiri (~> 1.4)
      ntlm-http (~> 0.1, >= 0.1.1)
      webrobots (~> 0.0, >= 0.0.9)
    memcache-client (1.8.5)
    mime-types (1.21)
    mongrel (1.2.0.pre2)
      daemons (~> 1.0.10)
      gem_plugin (~> 0.2.3)
    multi_json (1.6.1)
    multi_xml (0.5.3)
    multipart-post (1.2.0)
    net-http-digest_auth (1.2.1)
    net-http-persistent (2.8)
    nokogiri (1.5.6)
    nori (2.0.4)
    ntlm-http (0.1.1)
    oauth2 (0.8.1)
      faraday (~> 0.8)
      httpauth (~> 0.1)
      jwt (~> 0.1.4)
      multi_json (~> 1.0)
      rack (~> 1.2)
    oyster (0.9.5)
    parslet (1.5.0)
      blankslate (~> 2.0)
    pdf-reader (1.3.2)
      Ascii85 (~> 1.0.0)
      afm (~> 0.2.0)
      hashery (~> 2.0)
      ruby-rc4
      ttfunk
    pdoc (0.2.0)
      BlueCloth (> 0.0.0)
      oyster (> 0.0.0)
      treetop (> 0.0.0)
    polyglot (0.3.3)
    prawn (0.12.0)
      pdf-reader (>= 0.9.0)
      ttfunk (~> 1.0.2)
    rack (1.5.2)
    rack-protection (1.4.0)
      rack
    rack-test (0.6.2)
      rack (>= 1.0)
    randexp (0.1.7)
    ri_cal (0.8.8)
    ruby-rc4 (0.1.5)
    savon (2.1.0)
      akami (~> 1.2.0)
      builder (>= 2.1.2)
      gyoku (~> 1.0.0)
      httpi (~> 2.0.2)
      nokogiri (>= 1.4.0)
      nori (~> 2.0.3)
      wasabi (~> 3.0.0)
    sexp_processor (3.2.0)
    sinatra (1.3.5)
      rack (~> 1.4)
      rack-protection (~> 1.3)
      tilt (~> 1.3, >= 1.3.3)
    sinatra-contrib (1.3.2)
      backports (>= 2.0)
      eventmachine
      rack-protection
      rack-test
      sinatra (~> 1.3.0)
      tilt (~> 1.3)
    sinatra-namespace (1.0)
      sinatra-contrib
    sprockets (2.9.0)
      hike (~> 1.2)
      multi_json (~> 1.0)
      rack (~> 1.0)
      tilt (~> 1.1, != 1.3.0)
    thin (1.5.0)
      daemons (>= 1.0.9)
      eventmachine (>= 0.12.6)
      rack (>= 1.0.0)
    tilt (1.3.5)
    treetop (1.4.12)
      polyglot
      polyglot (>= 0.3.1)
    ttfunk (1.0.3)
    unf (0.0.5)
      unf_ext
    unf_ext (0.0.6)
    wasabi (3.0.0)
      httpi (~> 2.0)
      nokogiri (>= 1.4.0)
    webrobots (0.1.0)

PLATFORMS
  ruby

DEPENDENCIES
  bacon
  bitly
  builder
  cinch
  daemons
  dm-constraints
  dm-core
  dm-is-remixable
  dm-migrations
  dm-postgres-adapter
  dm-sqlite-adapter
  dm-sweatshop
  dm-transactions
  json
  mechanize
  memcache-client
  mongrel (~> 1.2.0.pre2)
  nokogiri
  parslet
  pdoc
  prawn
  rack-test
  ri_cal
  savon
  sinatra
  sinatra-namespace
  sprockets
  thin
  treetop
